GIT
  remote: git://github.com/dcu/mongoid_ext.git
  revision: b41998112ab55df47151e4f1bdf90dac5abd0b8a
  specs:
    mongoid_ext (0.8.0)
      differ (>= 0.1.2)
      encryptor (~> 1.1.3)
      i18n
      mongoid (~> 3)
      mongoid-grid_fs
      rack
      tzinfo
      uuidtools (>= 2.1.1)

GIT
  remote: http://github.com/phaza/loofah.git
  revision: b5952a1bb97340d1f9c1288fc7b8993f5c5ef813
  branch: rails3
  specs:
    loofah (0.4.8)
      nokogiri (>= 1.3.3)

GIT
  remote: https://github.com/mongoid/mongoid.git
  revision: b5d2655ac6e701dc341a2f69108f01cc6719b70e
  specs:
    mongoid (3.1.0)
      activemodel (~> 3.1)
      moped (~> 1.2)
      origin (~> 1.0)
      tzinfo (~> 0.3.22)

GEM
  remote: http://rubygems.org/
  specs:
    activemodel (3.2.9)
      activesupport (= 3.2.9)
      builder (~> 3.0.0)
    activesupport (3.2.9)
      i18n (~> 0.6)
      multi_json (~> 1.0)
    ago (0.1.5)
    builder (3.0.4)
    chronic (0.4.3)
    cinch (2.0.3)
    cinch-identify (1.4.0)
      cinch (~> 2.0)
    crack (0.1.8)
    curb (0.7.15)
    differ (0.1.2)
    encryptor (1.1.3)
    feedzirra (0.0.24)
      activesupport (>= 2.3.8)
      builder (>= 2.1.2)
      curb (>= 0.2.3)
      loofah (>= 0.3.1)
      nokogiri (> 0.0.0)
      sax-machine (>= 0.0.12)
    git (1.2.5)
    googl (0.5.0)
      httparty (>= 0.6.1)
      json (>= 1.4.6)
    hpricot (0.8.6)
    httparty (0.7.8)
      crack (= 0.1.8)
    i18n (0.6.1)
    ideone (0.8.4)
    imdb (0.6.8)
      hpricot (~> 0.8.4)
    jeweler (1.6.4)
      bundler (~> 1.0)
      git (>= 1.2.5)
      rake
    json (1.5.3)
    mechanize (2.0.1)
      net-http-digest_auth (~> 1.1, >= 1.1.1)
      net-http-persistent (~> 1.8)
      nokogiri (~> 1.4)
      webrobots (~> 0.0, >= 0.0.9)
    mime-types (1.19)
    mongoid-grid_fs (1.7.0)
      mime-types (~> 1.19)
      mongoid (~> 3.0)
    moped (1.3.2)
    multi_json (1.5.0)
    net-http-digest_auth (1.1.1)
    net-http-persistent (1.8)
    nokogiri (1.5.0)
    origin (1.0.11)
    rack (1.3.2)
    rae (1.5.0)
      mechanize (>= 1.0.0)
    rake (0.9.2)
    sax-machine (0.0.20)
      nokogiri (> 0.0.0)
    shoulda (2.11.3)
    tzinfo (0.3.35)
    uuidtools (2.1.3)
    weatherboy (1.0.2)
    webrobots (0.0.10)
      nokogiri (>= 1.4.4)

PLATFORMS
  ruby

DEPENDENCIES
  ago
  bundler (>= 1.2.0.rc)
  chronic
  cinch
  cinch-identify
  feedzirra
  googl
  httparty
  i18n
  ideone
  imdb
  jeweler
  loofah!
  mechanize
  mongoid!
  mongoid_ext!
  nokogiri
  rack
  rae
  shoulda
  tzinfo
  weatherboy
